PATH
  remote: .
  specs:
    fitgem_oauth2 (0.0.1)
      faraday (~> 0.9)

GEM
  remote: https://rubygems.org/
  specs:
    faraday (0.9.2)
      multipart-post (>= 1.2, < 3)
    multipart-post (2.0.0)

PLATFORMS
  ruby

DEPENDENCIES
  fitgem_oauth2!
