PATH
  remote: .
  specs:
    FitgemOAuth2 (0.0.0)
      faraday (~> 0.7.0)

GEM
  remote: https://rubygems.org/
  specs:
    addressable (2.4.0)
    faraday (0.7.6)
      addressable (~> 2.2)
      multipart-post (~> 1.1)
      rack (~> 1.1)
    multipart-post (1.2.0)
    rack (1.6.4)

PLATFORMS
  ruby

DEPENDENCIES
  FitgemOAuth2!
